GEM
  remote: http://rubygems.org/
  specs:
    activesupport (3.0.0.rc2)
    gemcutter (0.6.1)
    git (1.2.5)
    haml (3.0.17)
    jeweler (1.4.0)
      gemcutter (>= 0.1.0)
      git (>= 1.2.5)
      rubyforge (>= 2.0.0)
    json_pure (1.4.6)
    nokogiri (1.4.3.1)
    options (2.1.1)
    rack (1.2.1)
    rack-test (0.5.4)
      rack (>= 1.0)
    rake (0.8.7)
    rspec (1.3.0)
    rubyforge (2.0.4)
      json_pure (>= 1.1.7)
    tilt (1.0.1)
    webrat (0.7.2.beta.1)
      nokogiri (>= 1.2.0)
      rack (>= 1.0)
      rack-test (>= 0.5.3)
    yard (0.5.8)

PLATFORMS
  ruby

DEPENDENCIES
  activesupport (>= 3.0.0.rc2)
  haml
  jeweler
  nokogiri
  options
  rake
  rspec
  tilt
  webrat
  yard
